GIT
  remote: git://github.com/perrym5/ruby-libmpq.git
  revision: 4ce1d19191d9956ee734a0a01e9ccf3fff287c4c
  specs:
    ruby-libmpq (0.1.1)

GEM
  remote: http://rubygems.org/
  specs:
    git (1.2.5)
    jeweler (1.6.0)
      bundler (~> 1.0.0)
      git (>= 1.2.5)
      rake
    rake (0.8.7)

PLATFORMS
  ruby

DEPENDENCIES
  bundler (~> 1.0.0)
  jeweler (~> 1.6.0)
  ruby-libmpq!
