GIT
  remote: git://github.com/perrym5/ruby-libmpq.git
  revision: 2f5dc15fbb40ee6e85e09f5795c8e776892395f4
  specs:
    ruby-libmpq (0.1.0)

GEM
  remote: http://rubygems.org/
  specs:
    git (1.2.5)
    jeweler (1.6.0)
      bundler (~> 1.0.0)
      git (>= 1.2.5)
      rake
    rake (0.8.7)

PLATFORMS
  ruby

DEPENDENCIES
  bundler (~> 1.0.0)
  jeweler (~> 1.6.0)
  ruby-libmpq!
